GEM
  remote: http://rubygems.org/
  specs:
    actionmailer (3.1.10)
      actionpack (= 3.1.10)
      mail (~> 2.3.3)
    actionpack (3.1.10)
      activemodel (= 3.1.10)
      activesupport (= 3.1.10)
      builder (~> 3.0.0)
      erubis (~> 2.7.0)
      i18n (~> 0.6)
      rack (~> 1.3.6)
      rack-cache (~> 1.2)
      rack-mount (~> 0.8.2)
      rack-test (~> 0.6.1)
      sprockets (~> 2.0.4)
    active_link_to (1.0.0)
    activemodel (3.1.10)
      activesupport (= 3.1.10)
      builder (~> 3.0.0)
      i18n (~> 0.6)
    activerecord (3.1.10)
      activemodel (= 3.1.10)
      activesupport (= 3.1.10)
      arel (~> 2.2.3)
      tzinfo (~> 0.3.29)
    activeresource (3.1.10)
      activemodel (= 3.1.10)
      activesupport (= 3.1.10)
    activesupport (3.1.10)
      multi_json (>= 1.0, < 1.3)
    airbrake (3.1.6)
      builder
      girl_friday
    ansi (1.4.3)
    arel (2.2.3)
    awesome_print (1.1.0)
    bootstrap-sass (2.2.1.1)
      sass (~> 3.2)
    builder (3.0.4)
    capistrano (2.14.1)
      highline
      net-scp (>= 1.0.0)
      net-sftp (>= 2.0.0)
      net-ssh (>= 2.0.14)
      net-ssh-gateway (>= 1.1.0)
    cocaine (0.4.2)
    coffee-rails (3.1.1)
      coffee-script (>= 2.2.0)
      railties (~> 3.1.0)
    coffee-script (2.2.0)
      coffee-script-source
      execjs
    coffee-script-source (1.4.0)
    comfortable_mexican_sofa (1.6.26)
      active_link_to (~> 1.0.0)
      paperclip (>= 2.3.0)
      rails (>= 3.0.0)
    connection_pool (1.0.0)
    erubis (2.7.0)
    execjs (1.4.0)
      multi_json (~> 1.0)
    factory_girl (4.1.0)
      activesupport (>= 3.0.0)
    factory_girl_rails (4.1.0)
      factory_girl (~> 4.1.0)
      railties (>= 3.0.0)
    girl_friday (0.11.2)
      connection_pool (~> 1.0)
      rubinius-actor
    haml (3.1.7)
    highline (1.6.15)
    hike (1.2.1)
    i18n (0.6.1)
    jquery-rails (2.1.4)
      railties (>= 3.0, < 5.0)
      thor (>= 0.14, < 2.0)
    json (1.7.6)
    konf (0.0.2)
    libv8 (3.11.8.0)
    mail (2.3.3)
      i18n (>= 0.4.0)
      mime-types (~> 1.16)
      treetop (~> 1.4.8)
    mime-types (1.19)
    multi_json (1.2.0)
    net-scp (1.0.4)
      net-ssh (>= 1.99.1)
    net-sftp (2.0.5)
      net-ssh (>= 2.0.9)
    net-ssh (2.6.3)
    net-ssh-gateway (1.1.0)
      net-ssh (>= 1.99.1)
    newrelic_rpm (3.5.5.38)
    nokogiri (1.5.6)
    paperclip (3.4.0)
      activemodel (>= 3.0.0)
      activerecord (>= 3.0.0)
      activesupport (>= 3.0.0)
      cocaine (~> 0.4.0)
      mime-types
    pg (0.14.1)
    polyglot (0.3.3)
    rack (1.3.8)
    rack-cache (1.2)
      rack (>= 0.4)
    rack-mount (0.8.3)
      rack (>= 1.0.0)
    rack-ssl (1.3.2)
      rack
    rack-test (0.6.2)
      rack (>= 1.0)
    rails (3.1.10)
      actionmailer (= 3.1.10)
      actionpack (= 3.1.10)
      activerecord (= 3.1.10)
      activeresource (= 3.1.10)
      activesupport (= 3.1.10)
      bundler (~> 1.0)
      railties (= 3.1.10)
    railties (3.1.10)
      actionpack (= 3.1.10)
      activesupport (= 3.1.10)
      rack-ssl (~> 1.3.2)
      rake (>= 0.8.7)
      rdoc (~> 3.4)
      thor (~> 0.14.6)
    rake (10.0.3)
    rdoc (3.12)
      json (~> 1.4)
    ref (1.0.2)
    rubinius-actor (0.0.2)
      rubinius-core-api
    rubinius-core-api (0.0.1)
    sass (3.2.5)
    sass-rails (3.1.6)
      actionpack (~> 3.1.0)
      railties (~> 3.1.0)
      sass (>= 3.1.10)
      tilt (~> 1.3.2)
    sprockets (2.0.4)
      hike (~> 1.2)
      rack (~> 1.0)
      tilt (~> 1.1, != 1.3.0)
    therubyracer (0.11.0beta8)
      ref
    thor (0.14.6)
    tilt (1.3.3)
    treetop (1.4.12)
      polyglot
      polyglot (>= 0.3.1)
    turn (0.8.3)
      ansi
    tzinfo (0.3.35)
    uglifier (1.3.0)
      execjs (>= 0.3.0)
      multi_json (~> 1.0, >= 1.0.2)
    will_paginate (3.0.4)

PLATFORMS
  ruby

DEPENDENCIES
  airbrake
  awesome_print
  bootstrap-sass (~> 2.2.1.1)
  capistrano
  coffee-rails (~> 3.1.1)
  comfortable_mexican_sofa (~> 1.6.25)
  factory_girl_rails
  haml
  jquery-rails
  konf (~> 0.0.1)
  libv8 (= 3.11.8.0)
  newrelic_rpm
  nokogiri
  pg
  rails (= 3.1.10)
  sass-rails (~> 3.1.5)
  therubyracer (= 0.11.0beta8)
  turn (~> 0.8.3)
  uglifier (>= 1.0.3)
  will_paginate (~> 3.0)
